GEM
  remote: http://rubygems.org/
  specs:
    coderay (1.1.1)
    ffi (1.9.17-java)
    method_source (0.8.2)
    nokogiri (1.7.0.1-java)
    pry (0.10.4-java)
      coderay (~> 1.1.0)
      method_source (~> 0.8.1)
      slop (~> 3.4)
      spoon (~> 0.0)
    rubyXL (3.1.0)
      nokogiri (>= 1.4.4)
      rubyzip (>= 1.0.0)
    rubyzip (1.0.0)
    slop (3.6.0)
    spoon (0.0.6)
      ffi

PLATFORMS
  java

DEPENDENCIES
  pry
  rubyXL (= 3.1.0)
  rubyzip (= 1.0.0)

BUNDLED WITH
   1.12.5
